PATH
  remote: .
  specs:
    rforce (0.12)
      builder (~> 3.0)
      oauth (~> 0.4)

GEM
  remote: https://rubygems.org/
  specs:
    builder (3.2.2)
    diff-lcs (1.2.5)
    hoe (3.12.0)
      rake (>= 0.8, < 11.0)
    hoe-gemspec2 (1.2.0)
      hoe
    json (1.8.1)
    mini_portile (0.6.0)
    nokogiri (1.6.3.1)
      mini_portile (= 0.6.0)
    oauth (0.4.7)
    rake (10.3.2)
    rdoc (3.12.2)
      json (~> 1.4)
    rspec (2.99.0)
      rspec-core (~> 2.99.0)
      rspec-expectations (~> 2.99.0)
      rspec-mocks (~> 2.99.0)
    rspec-core (2.99.1)
    rspec-expectations (2.99.2)
      diff-lcs (>= 1.1.3, < 2.0)
    rspec-mocks (2.99.2)
    xmlparser (0.7.2.1)

PLATFORMS
  ruby

DEPENDENCIES
  hoe (~> 3.12)
  hoe-gemspec2 (~> 1.1)
  nokogiri (~> 1.5)
  rdoc (~> 3.10)
  rforce!
  rspec (~> 2.99)
  xmlparser (~> 0.7)
